GEM
  remote: https://rubygems.org/
  specs:
    aws-sdk (1.36.1)
      json (~> 1.4)
      nokogiri (>= 1.4.4)
      uuidtools (~> 2.1)
    cap-ec2 (0.0.9)
      aws-sdk
      capistrano (>= 3.0)
      colored
      terminal-table
    capistrano (3.1.0)
      i18n
      rake (>= 10.0.0)
      sshkit (~> 1.3)
    capistrano-bundler (1.1.2)
      capistrano (~> 3.0)
      sshkit (~> 1.2)
    capistrano-rbenv (2.0.2)
      capistrano (~> 3.1)
      sshkit (~> 1.3)
    colored (1.2)
    i18n (0.6.9)
    json (1.8.1)
    mini_portile (0.5.2)
    net-scp (1.1.2)
      net-ssh (>= 2.6.5)
    net-ssh (2.8.0)
    nokogiri (1.6.1)
      mini_portile (~> 0.5.0)
    rake (10.1.1)
    sshkit (1.3.0)
      net-scp (>= 1.1.2)
      net-ssh
      term-ansicolor
    term-ansicolor (1.3.0)
      tins (~> 1.0)
    terminal-table (1.4.5)
    tins (1.0.0)
    uuidtools (2.1.4)

PLATFORMS
  ruby

DEPENDENCIES
  cap-ec2
  capistrano (~> 3.1.0)
  capistrano-bundler
  capistrano-rbenv
