PATH
  remote: .
  specs:
    dove (0.0.1)
      capistrano (~> 3.2)
      capistrano-bundler (~> 1.1.2)
      capistrano-rbenv (~> 2.0.2)
      colorize (~> 0.7.0)
      hiera (~> 1.3.2)
      sshkit (~> 1.3)

GEM
  remote: https://rubygems.org/
  specs:
    capistrano (3.2.1)
      i18n
      rake (>= 10.0.0)
      sshkit (~> 1.3)
    capistrano-bundler (1.1.2)
      capistrano (~> 3.0)
      sshkit (~> 1.2)
    capistrano-rbenv (2.0.2)
      capistrano (~> 3.1)
      sshkit (~> 1.3)
    colorize (0.7.3)
    hiera (1.3.4)
      json_pure
    i18n (0.6.9)
    json_pure (1.8.1)
    net-scp (1.2.1)
      net-ssh (>= 2.6.5)
    net-ssh (2.9.1)
    rake (10.3.2)
    sshkit (1.5.1)
      colorize
      net-scp (>= 1.1.2)
      net-ssh (>= 2.8.0)

PLATFORMS
  ruby

DEPENDENCIES
  dove!
