PATH
  remote: .
  specs:
    dove (0.0.1)
      capistrano (~> 3.1)
      capistrano-bundler (~> 1.1)
      colorize (~> 0.7.0)
      hiera (~> 1.3.2)
      sshkit (~> 1.3)

GEM
  remote: https://rubygems.org/
  specs:
    capistrano (3.1.0)
      i18n
      rake (>= 10.0.0)
      sshkit (~> 1.3)
    capistrano-bundler (1.1.2)
      capistrano (~> 3.0)
      sshkit (~> 1.2)
    colorize (0.7.0)
    hiera (1.3.2)
      json_pure
    i18n (0.6.9)
    json_pure (1.8.1)
    net-scp (1.1.2)
      net-ssh (>= 2.6.5)
    net-ssh (2.8.0)
    rake (10.1.1)
    sshkit (1.3.0)
      net-scp (>= 1.1.2)
      net-ssh
      term-ansicolor
    term-ansicolor (1.3.0)
      tins (~> 1.0)
    tins (1.0.0)

PLATFORMS
  ruby

DEPENDENCIES
  capistrano (~> 3.1.0)
  dove!
